GEM
  remote: https://rubygems.org/
  specs:
    CFPropertyList (2.3.2)
    aasm (4.7.0)
    actioncable (5.0.0.beta1)
      actionpack (= 5.0.0.beta1)
      celluloid (~> 0.17.2)
      coffee-rails (~> 4.1.0)
      em-hiredis (~> 0.3.0)
      faye-websocket (~> 0.10.0)
      redis (~> 3.0)
      websocket-driver (~> 0.6.1)
    actionmailer (5.0.0.beta1)
      actionpack (= 5.0.0.beta1)
      actionview (= 5.0.0.beta1)
      activejob (= 5.0.0.beta1)
      mail (~> 2.5, >= 2.5.4)
      rails-dom-testing (~> 1.0, >= 1.0.5)
    actionpack (5.0.0.beta1)
      actionview (= 5.0.0.beta1)
      activesupport (= 5.0.0.beta1)
      rack (~> 2.x)
      rack-test (~> 0.6.3)
      rails-dom-testing (~> 1.0, >= 1.0.5)
      rails-html-sanitizer (~> 1.0, >= 1.0.2)
    actionview (5.0.0.beta1)
      activesupport (= 5.0.0.beta1)
      builder (~> 3.1)
      erubis (~> 2.7.0)
      rails-dom-testing (~> 1.0, >= 1.0.5)
      rails-html-sanitizer (~> 1.0, >= 1.0.2)
    activejob (5.0.0.beta1)
      activesupport (= 5.0.0.beta1)
      globalid (>= 0.3.6)
    activemodel (5.0.0.beta1)
      activesupport (= 5.0.0.beta1)
      builder (~> 3.1)
    activerecord (5.0.0.beta1)
      activemodel (= 5.0.0.beta1)
      activesupport (= 5.0.0.beta1)
      arel (~> 7.0)
    activesupport (5.0.0.beta1)
      concurrent-ruby (~> 1.0)
      i18n (~> 0.7)
      json (~> 1.7, >= 1.7.7)
      method_source
      minitest (~> 5.1)
      tzinfo (~> 1.1)
    addressable (2.3.8)
    after_commit_action (1.0.1)
      activerecord (>= 3.0.0)
      activesupport (>= 3.0.0)
    arel (7.0.0)
    autoparse (0.3.3)
      addressable (>= 2.3.1)
      extlib (>= 0.9.15)
      multi_json (>= 1.0.0)
    autoprefixer-rails (6.3.1)
      execjs
      json
    bigquery (0.8.3)
      google-api-client (= 0.8.6)
    bootstrap-sass (3.3.6)
      autoprefixer-rails (>= 5.2.1)
      sass (>= 3.3.4)
    bugsnag (3.0.0)
      json (~> 1.7, >= 1.7.7)
    builder (3.2.2)
    celluloid (0.17.3)
      celluloid-essentials
      celluloid-extras
      celluloid-fsm
      celluloid-pool
      celluloid-supervision
      timers (>= 4.1.1)
    celluloid-essentials (0.20.5)
      timers (>= 4.1.1)
    celluloid-extras (0.20.5)
      timers (>= 4.1.1)
    celluloid-fsm (0.20.5)
      timers (>= 4.1.1)
    celluloid-pool (0.20.5)
      timers (>= 4.1.1)
    celluloid-supervision (0.20.5)
      timers (>= 4.1.1)
    coffee-rails (4.1.1)
      coffee-script (>= 2.2.0)
      railties (>= 4.0.0, < 5.1.x)
    coffee-script (2.4.1)
      coffee-script-source
      execjs
    coffee-script-source (1.10.0)
    concurrent-ruby (1.0.0)
    connection_pool (2.2.0)
    counter_culture (0.1.34)
      activerecord (>= 3.0.0)
      activesupport (>= 3.0.0)
      after_commit_action (~> 1.0.0)
    css_parser (1.3.7)
      addressable
    dalli (2.7.5)
    domain_name (0.5.25)
      unf (>= 0.0.5, < 1.0.0)
    dotenv (2.1.0)
    dotenv-rails (2.1.0)
      dotenv (= 2.1.0)
      railties (>= 4.0, < 5.1)
    elasticsearch (1.0.15)
      elasticsearch-api (= 1.0.15)
      elasticsearch-transport (= 1.0.15)
    elasticsearch-api (1.0.15)
      multi_json
    elasticsearch-model (0.1.8)
      activesupport (> 3)
      elasticsearch (> 0.4)
      hashie
    elasticsearch-rails (0.1.8)
    elasticsearch-transport (1.0.15)
      faraday
      multi_json
    em-hiredis (0.3.0)
      eventmachine (~> 1.0)
      hiredis (~> 0.5.0)
    erubis (2.7.0)
    escape_utils (1.1.0)
    ethon (0.8.1)
      ffi (>= 1.3.0)
    eventmachine (1.0.9.1)
    excon (0.45.4)
    execjs (2.6.0)
    extlib (0.9.16)
    faraday (0.9.2)
      multipart-post (>= 1.2, < 3)
    faraday-http-cache (1.2.2)
      faraday (~> 0.8)
    fast_blank (1.0.0)
    fast_xor (1.1.3)
      rake
      rake-compiler
    fast_xs (0.8.0)
    faye-websocket (0.10.2)
      eventmachine (>= 0.12.0)
      websocket-driver (>= 0.5.1)
    ffi (1.9.10)
    fission (0.5.0)
      CFPropertyList (~> 2.2)
    fog (1.37.0)
      fog-aliyun (>= 0.1.0)
      fog-atmos
      fog-aws (>= 0.6.0)
      fog-brightbox (~> 0.4)
      fog-core (~> 1.32)
      fog-dynect (~> 0.0.2)
      fog-ecloud (~> 0.1)
      fog-google (<= 0.1.0)
      fog-json
      fog-local
      fog-powerdns (>= 0.1.1)
      fog-profitbricks
      fog-radosgw (>= 0.0.2)
      fog-riakcs
      fog-sakuracloud (>= 0.0.4)
      fog-serverlove
      fog-softlayer
      fog-storm_on_demand
      fog-terremark
      fog-vmfusion
      fog-voxel
      fog-vsphere (>= 0.4.0)
      fog-xenserver
      fog-xml (~> 0.1.1)
      ipaddress (~> 0.5)
    fog-aliyun (0.1.0)
      fog-core (~> 1.27)
      fog-json (~> 1.0)
      ipaddress (~> 0.8)
      xml-simple (~> 1.1)
    fog-atmos (0.1.0)
      fog-core
      fog-xml
    fog-aws (0.8.1)
      fog-core (~> 1.27)
      fog-json (~> 1.0)
      fog-xml (~> 0.1)
      ipaddress (~> 0.8)
    fog-brightbox (0.10.1)
      fog-core (~> 1.22)
      fog-json
      inflecto (~> 0.0.2)
    fog-core (1.35.0)
      builder
      excon (~> 0.45)
      formatador (~> 0.2)
    fog-dynect (0.0.2)
      fog-core
      fog-json
      fog-xml
    fog-ecloud (0.3.0)
      fog-core
      fog-xml
    fog-google (0.1.0)
      fog-core
      fog-json
      fog-xml
    fog-json (1.0.2)
      fog-core (~> 1.0)
      multi_json (~> 1.10)
    fog-local (0.2.1)
      fog-core (~> 1.27)
    fog-powerdns (0.1.1)
      fog-core (~> 1.27)
      fog-json (~> 1.0)
      fog-xml (~> 0.1)
    fog-profitbricks (0.0.5)
      fog-core
      fog-xml
      nokogiri
    fog-radosgw (0.0.5)
      fog-core (>= 1.21.0)
      fog-json
      fog-xml (>= 0.0.1)
    fog-riakcs (0.1.0)
      fog-core
      fog-json
      fog-xml
    fog-sakuracloud (1.7.5)
      fog-core
      fog-json
    fog-serverlove (0.1.2)
      fog-core
      fog-json
    fog-softlayer (1.0.3)
      fog-core
      fog-json
    fog-storm_on_demand (0.1.1)
      fog-core
      fog-json
    fog-terremark (0.1.0)
      fog-core
      fog-xml
    fog-vmfusion (0.1.0)
      fission
      fog-core
    fog-voxel (0.1.0)
      fog-core
      fog-xml
    fog-vsphere (0.5.0)
      fog-core
      rbvmomi (~> 1.8)
    fog-xenserver (0.2.3)
      fog-core
      fog-xml
    fog-xml (0.1.2)
      fog-core
      nokogiri (~> 1.5, >= 1.5.11)
    font-awesome-rails (4.5.0.0)
      railties (>= 3.2, < 5.0)
    foreman (0.78.0)
      thor (~> 0.19.1)
    formatador (0.2.5)
    fuzzy_match (2.1.0)
    gemoji (2.1.0)
    gems (0.8.3)
    globalid (0.3.6)
      activesupport (>= 4.1.0)
    google-api-client (0.8.6)
      activesupport (>= 3.2)
      addressable (~> 2.3)
      autoparse (~> 0.3)
      extlib (~> 0.9)
      faraday (~> 0.9)
      googleauth (~> 0.3)
      launchy (~> 2.4)
      multi_json (~> 1.10)
      retriable (~> 1.4)
      signet (~> 0.6)
    googleauth (0.5.1)
      faraday (~> 0.9)
      jwt (~> 1.4)
      logging (~> 2.0)
      memoist (~> 0.12)
      multi_json (~> 1.11)
      os (~> 0.9)
      signet (~> 0.7)
    hashie (3.4.3)
    heroics (0.0.14)
      erubis (~> 2.7.0)
      excon
      moneta
      multi_json (>= 1.9.2)
      netrc
    hiredis (0.5.2)
    hirefire-resource (0.3.9)
    hitimes (1.2.3)
    htmlentities (4.3.4)
    http-cookie (1.0.2)
      domain_name (~> 0.5)
    httpauth (0.2.1)
    i18n (0.7.0)
    inflecto (0.0.2)
    ipaddress (0.8.2)
    jquery-rails (4.1.0)
      rails-dom-testing (~> 1.0)
      railties (>= 4.2.0)
      thor (>= 0.14, < 2.0)
    js-cookie-rails (2.0.0.pre.beta.1.0)
      railties (>= 3.2.0, < 5.0)
    json (1.8.3)
    jwt (1.5.2)
    languages (1.3.4)
      escape_utils (~> 1.1)
    launchy (2.4.3)
      addressable (~> 2.3)
    license-compatibility (1.2.0)
    little-plugger (1.1.4)
    logging (2.0.0)
      little-plugger (~> 1.1)
      multi_json (~> 1.10)
    lograge (0.3.5)
      actionpack (>= 3)
      activesupport (>= 3)
      railties (>= 3)
    loofah (2.0.3)
      nokogiri (>= 1.5.9)
    mail (2.6.3)
      mime-types (>= 1.16, < 3)
    memoist (0.14.0)
    method_source (0.8.2)
    mime-types (2.6.2)
    mini_portile2 (2.0.0)
    minitest (5.8.3)
    moneta (0.8.0)
    multi_json (1.11.2)
    multipart-post (2.0.0)
    netrc (0.11.0)
    nokogiri (1.6.7.1)
      mini_portile2 (~> 2.0.0.rc2)
    oauth2 (0.6.1)
      faraday (~> 0.7)
      httpauth (~> 0.1)
      multi_json (~> 1.3)
    octokit (4.2.0)
      sawyer (~> 0.6.0, >= 0.5.3)
    oj (2.14.3)
    omniauth (1.3.1)
      hashie (>= 1.2, < 4)
      rack (>= 1.0, < 3)
    omniauth-github (1.0.1)
      omniauth (~> 1.0)
      omniauth-oauth2 (~> 1.0)
    omniauth-oauth2 (1.0.2)
      oauth2 (~> 0.6.0)
      omniauth (~> 1.0)
    os (0.9.6)
    payola-payments (1.3.2)
      aasm (>= 4.0.7)
      jquery-rails
      rails (>= 4.1)
      stripe (= 1.20.1)
      stripe_event (>= 1.3.0)
    pg (0.18.4)
    platform-api (0.5.0)
      heroics
    premailer (1.8.6)
      css_parser (>= 1.3.6)
      htmlentities (>= 4.0.0)
    premailer-rails (1.9.0)
      actionmailer (>= 3, < 5)
      premailer (~> 1.7, >= 1.7.9)
    puma (2.15.3)
    quiet_assets (1.1.0)
      railties (>= 3.1, < 5.0)
    rack (2.0.0.alpha)
      json
    rack-canonical-host (0.0.3)
      rack (>= 1.0.0)
    rack-test (0.6.3)
      rack (>= 1.0)
    rack-throttle (0.4.0)
      rack (>= 1.0.0)
    rack-timeout (0.3.2)
    rails (5.0.0.beta1)
      actioncable (= 5.0.0.beta1)
      actionmailer (= 5.0.0.beta1)
      actionpack (= 5.0.0.beta1)
      actionview (= 5.0.0.beta1)
      activejob (= 5.0.0.beta1)
      activemodel (= 5.0.0.beta1)
      activerecord (= 5.0.0.beta1)
      activesupport (= 5.0.0.beta1)
      bundler (>= 1.3.0, < 2.0)
      railties (= 5.0.0.beta1)
      sprockets-rails (>= 2.0.0)
    rails-deprecated_sanitizer (1.0.3)
      activesupport (>= 4.2.0.alpha)
    rails-dom-testing (1.0.7)
      activesupport (>= 4.2.0.beta, < 5.0)
      nokogiri (~> 1.6.0)
      rails-deprecated_sanitizer (>= 1.0.1)
    rails-html-sanitizer (1.0.2)
      loofah (~> 2.0)
    rails_safe_tasks (1.0.0)
    railties (5.0.0.beta1)
      actionpack (= 5.0.0.beta1)
      activesupport (= 5.0.0.beta1)
      method_source
      rake (>= 0.8.7)
      thor (>= 0.18.1, < 2.0)
    rake (10.5.0)
    rake-compiler (0.9.5)
      rake
    rb-readline (0.5.3)
    rbvmomi (1.8.2)
      builder
      nokogiri (>= 1.4.1)
      trollop
    redis (3.2.2)
    rest-client (1.8.0)
      http-cookie (>= 1.0.2, < 2.0)
      mime-types (>= 1.16, < 3.0)
      netrc (~> 0.7)
    retriable (1.4.1)
    sanitize-url (0.1.4)
    sass (3.4.21)
    sass-rails (5.0.4)
      railties (>= 4.0.0, < 5.0)
      sass (~> 3.1)
      sprockets (>= 2.8, < 4.0)
      sprockets-rails (>= 2.0, < 4.0)
      tilt (>= 1.1, < 3)
    sassc (1.8.3)
      bundler
      ffi (~> 1.9.6)
      sass (>= 3.3.0)
    sassc-rails (1.1.0)
      rails (>= 4.0.0)
      sass
      sassc (~> 1.6)
      sprockets (> 2.11)
      tilt
    sawyer (0.6.0)
      addressable (~> 2.3.5)
      faraday (~> 0.8, < 0.10)
    semantic (1.4.1)
    semantic_range (1.0.0)
    sidekiq (4.0.2)
      concurrent-ruby (~> 1.0)
      connection_pool (~> 2.2, >= 2.2.0)
      redis (~> 3.2, >= 3.2.1)
    sidekiq-unique-jobs (3.0.15)
      sidekiq (>= 2.6)
    signet (0.7.2)
      addressable (~> 2.3)
      faraday (~> 0.9)
      jwt (~> 1.5)
      multi_json (~> 1.10)
    simple-rss (1.3.1)
    simple_form (3.2.1)
      actionpack (> 4, < 5.1)
      activemodel (> 4, < 5.1)
    sitemap_generator (5.1.0)
      builder
    spdx (1.2.7)
      fuzzy_match (~> 2.1)
      spdx-licenses (~> 1.0)
    spdx-licenses (1.0.0)
      json
    spring (1.6.2)
    sprockets (3.5.2)
      concurrent-ruby (~> 1.0)
      rack (> 1, < 3)
    sprockets-rails (2.3.3)
      actionpack (>= 3.0)
      activesupport (>= 3.0)
      sprockets (>= 2.8, < 4.0)
    sql_queries_count (0.0.1)
      rails (> 3.0.0)
    stripe (1.20.1)
      json (~> 1.8.1)
      mime-types (>= 1.25, < 3.0)
      rest-client (~> 1.4)
    stripe_event (1.5.0)
      activesupport (>= 3.1)
      stripe (~> 1.6)
    thor (0.19.1)
    thread_safe (0.3.5)
    tilt (2.0.2)
    timers (4.1.1)
      hitimes
    tipsy-rails (1.0.5)
      railties (>= 3.0)
      sass-rails
    trollop (2.1.2)
    typhoeus (1.0.1)
      ethon (>= 0.8.0)
    tzinfo (1.2.2)
      thread_safe (~> 0.1)
    uglifier (2.7.2)
      execjs (>= 0.3.0)
      json (>= 1.8.0)
    unf (0.1.4)
      unf_ext
    unf_ext (0.0.7.1)
    websocket-driver (0.6.3)
      websocket-extensions (>= 0.1.0)
    websocket-extensions (0.1.2)
    will_paginate (3.1.0)
    will_paginate-bootstrap (1.0.1)
      will_paginate (>= 3.0.3)
    xml-simple (1.1.5)

PLATFORMS
  ruby

DEPENDENCIES
  bigquery
  bootstrap-sass
  bugsnag
  bundler
  counter_culture
  dalli
  dotenv-rails
  elasticsearch-model
  elasticsearch-rails
  escape_utils
  faraday-http-cache
  fast_blank
  fast_xor
  fast_xs
  fog
  font-awesome-rails
  foreman
  gemoji
  gems
  hiredis
  hirefire-resource
  jquery-rails
  js-cookie-rails
  languages
  license-compatibility
  lograge
  mime-types (~> 2.6.1)
  nokogiri
  octokit
  oj
  omniauth
  omniauth-github
  payola-payments
  pg
  platform-api
  premailer-rails
  puma
  quiet_assets
  rack-canonical-host
  rack-throttle
  rack-timeout
  rails (= 5.0.0.beta1)
  rails_safe_tasks
  rb-readline
  redis
  sanitize-url
  sass-rails
  sassc-rails
  semantic
  semantic_range
  sidekiq
  sidekiq-unique-jobs (~> 3.0.15)
  simple-rss
  simple_form
  sitemap_generator
  spdx
  spring
  sprockets
  sprockets-rails (= 2.3.3)
  sql_queries_count
  tipsy-rails
  typhoeus
  uglifier
  will_paginate
  will_paginate-bootstrap

BUNDLED WITH
   1.11.2
